GEM
  remote: https://rubygems.org/
  specs:
    diff-lcs (1.5.0)
    redcarpet (3.6.0)
    rouge (4.1.2)
    rspec (3.12.0)
      rspec-core (~> 3.12.0)
      rspec-expectations (~> 3.12.0)
      rspec-mocks (~> 3.12.0)
    rspec-core (3.12.2)
      rspec-support (~> 3.12.0)
    rspec-expectations (3.12.3)
      diff-lcs (>= 1.2.0, < 2.0)
      rspec-support (~> 3.12.0)
    rspec-mocks (3.12.6)
      diff-lcs (>= 1.2.0, < 2.0)
      rspec-support (~> 3.12.0)
    rspec-support (3.12.1)
    tilt (2.2.0)

PLATFORMS
  arm64-darwin-21
  arm64-darwin-22

DEPENDENCIES
  redcarpet (~> 3.6)
  rouge (~> 4.1)
  rspec (~> 3.12)
  tilt (~> 2.2)

BUNDLED WITH
   2.3.24
